GEM
  remote: https://rubygems.org/
  specs:
    childprocess (1.0.1)
      rake (< 13.0)
    diff-lcs (1.3)
    parallel (1.17.0)
    parallel_tests (2.29.1)
      parallel
    rake (12.3.2)
    rspec (3.8.0)
      rspec-core (~> 3.8.0)
      rspec-expectations (~> 3.8.0)
      rspec-mocks (~> 3.8.0)
    rspec-core (3.8.2)
      rspec-support (~> 3.8.0)
    rspec-expectations (3.8.4)
      diff-lcs (>= 1.2.0, < 2.0)
      rspec-support (~> 3.8.0)
    rspec-mocks (3.8.1)
      diff-lcs (>= 1.2.0, < 2.0)
      rspec-support (~> 3.8.0)
    rspec-support (3.8.2)
    rspec_junit_formatter (0.4.1)
      rspec-core (>= 2, < 4, != 2.12.0)
    rubyzip (1.2.3)
    selenium-webdriver (4.0.0.alpha2)
      childprocess (>= 0.5, < 2.0)
      rubyzip (~> 1.2, >= 1.2.2)

PLATFORMS
  ruby

DEPENDENCIES
  parallel_tests (~> 2.29.1)
  rake (~> 12.3.2)
  rspec (~> 3.8.0)
  rspec_junit_formatter (~> 0.4.1)
  selenium-webdriver (~> 4.0.0.alpha.2)

RUBY VERSION
   ruby 2.6.3p62

BUNDLED WITH
   2.0.2
