GEM
  remote: https://rubygems.org/
  specs:
    RedCloth (4.2.9)
    coderay (1.1.0)
    docverter (1.0.1)
      rest-client (~> 1.7)
    gimli (0.5.7)
      RedCloth (~> 4.2.7)
      coderay (~> 1.1)
      github-markup (~> 1.3)
      nokogiri (~> 1.6.3)
      optiflag (~> 0.7)
      redcarpet (~> 3.2)
      wkhtmltopdf-binary (~> 0.9.9.3)
    github-markup (1.3.3)
    mime-types (2.4.3)
    mini_portile (0.6.2)
    netrc (0.10.3)
    nokogiri (1.6.6.2)
      mini_portile (~> 0.6.0)
    optiflag (0.7)
    rake (10.4.2)
    redcarpet (3.2.2)
    rest-client (1.7.3)
      mime-types (>= 1.16, < 3.0)
      netrc (~> 0.7)
    wkhtmltopdf-binary (0.9.9.3)

PLATFORMS
  ruby

DEPENDENCIES
  docverter
  gimli
  rake
  redcarpet
