GEM
  remote: https://rubygems.org/
  specs:
    RedCloth (4.2.9)
    coderay (1.0.9)
    docverter (1.0.0)
      rest-client (~> 1.6.7)
    gimli (0.5.5)
      RedCloth (~> 4.2.7)
      coderay (~> 1.0.7)
      github-markup (~> 0.7.4)
      nokogiri (~> 1.5.5)
      optiflag (~> 0.7)
      redcarpet (~> 2.1.1)
      wkhtmltopdf-binary (~> 0.9.9.1)
    github-markup (0.7.5)
    mime-types (2.2)
    nokogiri (1.5.11)
    optiflag (0.7)
    posix-spawn (0.3.8)
    pygments.rb (0.5.4)
      posix-spawn (~> 0.3.6)
      yajl-ruby (~> 1.1.0)
    rake (10.3.2)
    redcarpet (2.1.1)
    rest-client (1.6.7)
      mime-types (>= 1.16)
    wkhtmltopdf-binary (0.9.9.1)
    yajl-ruby (1.1.0)

PLATFORMS
  ruby

DEPENDENCIES
  docverter
  gimli
  pygments.rb
  rake
  redcarpet
