GEM
  remote: https://rubygems.org/
  specs:
    RedCloth (4.2.9)
    coderay (1.1.2)
    docverter (1.0.1)
      rest-client (~> 1.7)
    domain_name (0.5.20180417)
      unf (>= 0.0.5, < 1.0.0)
    gimli (0.5.9)
      RedCloth (~> 4.2.7)
      coderay (~> 1.1)
      github-markup (~> 1.3)
      nokogiri (~> 1.6.3)
      optiflag (~> 0.7)
      redcarpet (~> 3.2)
      wkhtmltopdf-binary (~> 0.9.9.3)
    github-markup (1.7.0)
    http-cookie (1.0.3)
      domain_name (~> 0.5)
    mime-types (2.99.3)
    mini_portile2 (2.1.0)
    my_ebook_pub (0.5.1)
      docverter (~> 1.0.1)
      gimli (~> 0.5.7)
      pygments.rb (~> 0.6.3)
      redcarpet (~> 3.2.2)
    netrc (0.11.0)
    nokogiri (1.6.8.1)
      mini_portile2 (~> 2.1.0)
    optiflag (0.7)
    posix-spawn (0.3.13)
    pygments.rb (0.6.3)
      posix-spawn (~> 0.3.6)
      yajl-ruby (~> 1.2.0)
    redcarpet (3.2.3)
    rest-client (1.8.0)
      http-cookie (>= 1.0.2, < 2.0)
      mime-types (>= 1.16, < 3.0)
      netrc (~> 0.7)
    unf (0.1.4)
      unf_ext
    unf_ext (0.0.7.6)
    wkhtmltopdf-binary (0.9.9.3)
    yajl-ruby (1.2.3)

PLATFORMS
  ruby

DEPENDENCIES
  my_ebook_pub

BUNDLED WITH
   1.16.3
