GEM
  remote: https://rubygems.org/
  specs:
    builder (3.2.2)
    childprocess (0.4.0)
      ffi (~> 1.0, >= 1.0.11)
    cmdparse (2.0.5)
    diff-lcs (1.2.5)
    ffi (1.9.3)
    highline (1.6.20)
    json (1.8.1)
    mime-types (2.1)
    multi_json (1.8.4)
    net-http-persistent (2.9.1)
    net-ssh (2.7.0)
    net-ssh-gateway (1.2.0)
      net-ssh (>= 2.6.5)
    parallel (0.9.2)
    parallel_tests (0.16.5)
      parallel
    rake (10.1.1)
    rest-client (1.6.7)
      mime-types (>= 1.16)
    rspec (2.14.1)
      rspec-core (~> 2.14.0)
      rspec-expectations (~> 2.14.0)
      rspec-mocks (~> 2.14.0)
    rspec-core (2.14.7)
    rspec-expectations (2.14.4)
      diff-lcs (>= 1.1.3, < 2.0)
    rspec-mocks (2.14.4)
    rspec_junit_formatter (0.1.6)
      builder
      rspec (~> 2.0)
      rspec-core (!= 2.12.0)
    rubyzip (1.1.0)
    sauce (3.3.0)
      childprocess (>= 0.1.6)
      cmdparse (>= 2.0.2)
      highline (>= 1.5.0)
      json (>= 1.2.0)
      net-http-persistent
      net-ssh
      net-ssh-gateway
      parallel_tests (= 0.16.5)
      rest-client
      sauce_whisk (~> 0.0.8)
      selenium-webdriver (>= 0.1.2)
    sauce-connect (3.2.0)
      sauce (~> 3.2)
    sauce_whisk (0.0.10)
      rest-client
    selenium-webdriver (2.39.0)
      childprocess (>= 0.2.5)
      multi_json (~> 1.0)
      rubyzip (~> 1.0)
      websocket (~> 1.0.4)
    websocket (1.0.7)

PLATFORMS
  ruby

DEPENDENCIES
  parallel_tests
  rake
  rspec
  rspec_junit_formatter
  sauce-connect
  sauce_whisk
  selenium-webdriver
